RESTRICTION: >= net461
NUGET
  remote: https://www.nuget.org/api/v2
    FSharp.Compiler.Service (23.0.3)
      FSharp.Core (>= 4.1.18)
      System.Collections.Immutable (>= 1.3.1)
      System.Reflection.Metadata (>= 1.4.2)
      System.ValueTuple (>= 4.3.1)
    FSharp.Core (4.5)
    Giraffe (1.1)
      FSharp.Core (>= 4.2.3)
      Microsoft.AspNetCore.Authentication (>= 2.0.1)
      Microsoft.AspNetCore.Diagnostics (>= 2.0.1)
      Microsoft.AspNetCore.Hosting.Abstractions (>= 2.0.1)
      Newtonsoft.Json (>= 10.0.3)
      System.Text.RegularExpressions (>= 4.3)
      System.ValueTuple (>= 4.4)
      System.Xml.XmlSerializer (>= 4.3)
      TaskBuilder.fs (>= 1.0.1)
    Microsoft.AspNetCore (2.1)
      Microsoft.AspNetCore.Diagnostics (>= 2.1) - restriction: && (>= net461) (>= netstandard2.0)
      Microsoft.AspNetCore.HostFiltering (>= 2.1) - restriction: && (>= net461) (>= netstandard2.0)
      Microsoft.AspNetCore.Hosting (>= 2.1) - restriction: && (>= net461) (>= netstandard2.0)
      Microsoft.AspNetCore.Routing (>= 2.1) - restriction: && (>= net461) (>= netstandard2.0)
      Microsoft.AspNetCore.Server.IISIntegration (>= 2.1) - restriction: && (>= net461) (>= netstandard2.0)
      Microsoft.AspNetCore.Server.Kestrel (>= 2.1) - restriction: && (>= net461) (>= netstandard2.0)
      Microsoft.AspNetCore.Server.Kestrel.Https (>= 2.1) - restriction: && (>= net461) (>= netstandard2.0)
      Microsoft.Extensions.Configuration.CommandLine (>= 2.1) - restriction: && (>= net461) (>= netstandard2.0)
      Microsoft.Extensions.Configuration.EnvironmentVariables (>= 2.1) - restriction: && (>= net461) (>= netstandard2.0)
      Microsoft.Extensions.Configuration.FileExtensions (>= 2.1) - restriction: && (>= net461) (>= netstandard2.0)
      Microsoft.Extensions.Configuration.Json (>= 2.1) - restriction: && (>= net461) (>= netstandard2.0)
      Microsoft.Extensions.Configuration.UserSecrets (>= 2.1) - restriction: && (>= net461) (>= netstandard2.0)
      Microsoft.Extensions.Logging (>= 2.1) - restriction: && (>= net461) (>= netstandard2.0)
      Microsoft.Extensions.Logging.Configuration (>= 2.1) - restriction: && (>= net461) (>= netstandard2.0)
      Microsoft.Extensions.Logging.Console (>= 2.1) - restriction: && (>= net461) (>= netstandard2.0)
      Microsoft.Extensions.Logging.Debug (>= 2.1) - restriction: && (>= net461) (>= netstandard2.0)
    Microsoft.AspNetCore.Authentication (2.1)
      Microsoft.AspNetCore.Authentication.Core (>= 2.1) - restriction: && (>= net461) (>= netstandard2.0)
      Microsoft.AspNetCore.DataProtection (>= 2.1) - restriction: && (>= net461) (>= netstandard2.0)
      Microsoft.AspNetCore.Http (>= 2.1) - restriction: && (>= net461) (>= netstandard2.0)
      Microsoft.AspNetCore.Http.Extensions (>= 2.1) - restriction: && (>= net461) (>= netstandard2.0)
      Microsoft.Extensions.Logging.Abstractions (>= 2.1) - restriction: && (>= net461) (>= netstandard2.0)
      Microsoft.Extensions.Options (>= 2.1) - restriction: && (>= net461) (>= netstandard2.0)
      Microsoft.Extensions.WebEncoders (>= 2.1) - restriction: && (>= net461) (>= netstandard2.0)
    Microsoft.AspNetCore.Authentication.Abstractions (2.1) - restriction: && (>= net461) (>= netstandard2.0)
      Microsoft.AspNetCore.Http.Abstractions (>= 2.1) - restriction: && (>= net461) (>= netstandard2.0)
      Microsoft.Extensions.Logging.Abstractions (>= 2.1) - restriction: && (>= net461) (>= netstandard2.0)
      Microsoft.Extensions.Options (>= 2.1) - restriction: && (>= net461) (>= netstandard2.0)
    Microsoft.AspNetCore.Authentication.Cookies (2.1)
      Microsoft.AspNetCore.Authentication (>= 2.1) - restriction: && (>= net461) (>= netstandard2.0)
    Microsoft.AspNetCore.Authentication.Core (2.1) - restriction: && (>= net461) (>= netstandard2.0)
      Microsoft.AspNetCore.Authentication.Abstractions (>= 2.1) - restriction: && (>= net461) (>= netstandard2.0)
      Microsoft.AspNetCore.Http (>= 2.1) - restriction: && (>= net461) (>= netstandard2.0)
      Microsoft.AspNetCore.Http.Extensions (>= 2.1) - restriction: && (>= net461) (>= netstandard2.0)
    Microsoft.AspNetCore.Authentication.JwtBearer (2.1)
      Microsoft.AspNetCore.Authentication (>= 2.1) - restriction: && (>= net461) (>= netstandard2.0)
      Microsoft.IdentityModel.Protocols.OpenIdConnect (>= 5.2) - restriction: && (>= net461) (>= netstandard2.0)
    Microsoft.AspNetCore.Authentication.OAuth (2.1)
      Microsoft.AspNetCore.Authentication (>= 2.1) - restriction: && (>= net461) (>= netstandard2.0)
      Newtonsoft.Json (>= 11.0.2) - restriction: && (>= net461) (>= netstandard2.0)
    Microsoft.AspNetCore.Authorization (2.1)
      Microsoft.Extensions.Logging.Abstractions (>= 2.1) - restriction: && (>= net461) (>= netstandard2.0)
      Microsoft.Extensions.Options (>= 2.1) - restriction: && (>= net461) (>= netstandard2.0)
    Microsoft.AspNetCore.Connections.Abstractions (2.1) - restriction: && (>= net461) (>= netstandard2.0)
      Microsoft.AspNetCore.Http.Features (>= 2.1) - restriction: && (>= net461) (>= netstandard2.0)
      System.IO.Pipelines (>= 4.5) - restriction: && (>= net461) (>= netstandard2.0)
    Microsoft.AspNetCore.Cors (2.1)
      Microsoft.AspNetCore.Http.Extensions (>= 2.1) - restriction: && (>= net461) (>= netstandard2.0)
      Microsoft.Extensions.Configuration.Abstractions (>= 2.1) - restriction: && (>= net461) (>= netstandard2.0)
      Microsoft.Extensions.DependencyInjection.Abstractions (>= 2.1) - restriction: && (>= net461) (>= netstandard2.0)
      Microsoft.Extensions.Logging.Abstractions (>= 2.1) - restriction: && (>= net461) (>= netstandard2.0)
      Microsoft.Extensions.Options (>= 2.1) - restriction: && (>= net461) (>= netstandard2.0)
    Microsoft.AspNetCore.Cryptography.Internal (2.1) - restriction: && (>= net461) (>= netstandard2.0)
    Microsoft.AspNetCore.DataProtection (2.1) - restriction: && (>= net461) (>= netstandard2.0)
      Microsoft.AspNetCore.Cryptography.Internal (>= 2.1) - restriction: && (>= net461) (>= netstandard2.0)
      Microsoft.AspNetCore.DataProtection.Abstractions (>= 2.1) - restriction: && (>= net461) (>= netstandard2.0)
      Microsoft.AspNetCore.Hosting.Abstractions (>= 2.1) - restriction: && (>= net461) (>= netstandard2.0)
      Microsoft.Extensions.DependencyInjection.Abstractions (>= 2.1) - restriction: && (>= net461) (>= netstandard2.0)
      Microsoft.Extensions.Logging.Abstractions (>= 2.1) - restriction: && (>= net461) (>= netstandard2.0)
      Microsoft.Extensions.Options (>= 2.1) - restriction: && (>= net461) (>= netstandard2.0)
      Microsoft.Win32.Registry (>= 4.5) - restriction: && (>= net461) (>= netstandard2.0)
      System.Security.Cryptography.Xml (>= 4.5) - restriction: && (>= net461) (>= netstandard2.0)
      System.Security.Principal.Windows (>= 4.5) - restriction: && (>= net461) (>= netstandard2.0)
    Microsoft.AspNetCore.DataProtection.Abstractions (2.1) - restriction: && (>= net461) (>= netstandard2.0)
    Microsoft.AspNetCore.Diagnostics (2.1)
      Microsoft.AspNetCore.Diagnostics.Abstractions (>= 2.1) - restriction: && (>= net461) (>= netstandard2.0)
      Microsoft.AspNetCore.Hosting.Abstractions (>= 2.1) - restriction: && (>= net461) (>= netstandard2.0)
      Microsoft.AspNetCore.Http.Extensions (>= 2.1) - restriction: && (>= net461) (>= netstandard2.0)
      Microsoft.AspNetCore.WebUtilities (>= 2.1) - restriction: && (>= net461) (>= netstandard2.0)
      Microsoft.Extensions.FileProviders.Physical (>= 2.1) - restriction: && (>= net461) (>= netstandard2.0)
      Microsoft.Extensions.Logging.Abstractions (>= 2.1) - restriction: && (>= net461) (>= netstandard2.0)
      Microsoft.Extensions.Options (>= 2.1) - restriction: && (>= net461) (>= netstandard2.0)
      System.Diagnostics.DiagnosticSource (>= 4.5) - restriction: && (>= net461) (>= netstandard2.0)
      System.Reflection.Metadata (>= 1.6) - restriction: && (>= net461) (>= netstandard2.0)
    Microsoft.AspNetCore.Diagnostics.Abstractions (2.1) - restriction: && (>= net461) (>= netstandard2.0)
    Microsoft.AspNetCore.HostFiltering (2.1) - restriction: && (>= net461) (>= netstandard2.0)
      Microsoft.AspNetCore.Hosting.Abstractions (>= 2.1) - restriction: && (>= net461) (>= netstandard2.0)
      Microsoft.AspNetCore.Http (>= 2.1) - restriction: && (>= net461) (>= netstandard2.0)
      Microsoft.AspNetCore.Http.Extensions (>= 2.1) - restriction: && (>= net461) (>= netstandard2.0)
      Microsoft.Extensions.Options (>= 2.1) - restriction: && (>= net461) (>= netstandard2.0)
    Microsoft.AspNetCore.Hosting (2.1) - restriction: && (>= net461) (>= netstandard2.0)
      Microsoft.AspNetCore.Hosting.Abstractions (>= 2.1) - restriction: && (>= net461) (>= netstandard2.0)
      Microsoft.AspNetCore.Http (>= 2.1) - restriction: && (>= net461) (>= netstandard2.0)
      Microsoft.AspNetCore.Http.Extensions (>= 2.1) - restriction: && (>= net461) (>= netstandard2.0)
      Microsoft.Extensions.Configuration (>= 2.1) - restriction: && (>= net461) (>= netstandard2.0)
      Microsoft.Extensions.Configuration.EnvironmentVariables (>= 2.1) - restriction: && (>= net461) (>= netstandard2.0)
      Microsoft.Extensions.Configuration.FileExtensions (>= 2.1) - restriction: && (>= net461) (>= netstandard2.0)
      Microsoft.Extensions.DependencyInjection (>= 2.1) - restriction: && (>= net461) (>= netstandard2.0)
      Microsoft.Extensions.FileProviders.Physical (>= 2.1) - restriction: && (>= net461) (>= netstandard2.0)
      Microsoft.Extensions.Hosting.Abstractions (>= 2.1) - restriction: && (>= net461) (>= netstandard2.0)
      Microsoft.Extensions.Logging (>= 2.1) - restriction: && (>= net461) (>= netstandard2.0)
      Microsoft.Extensions.Options (>= 2.1) - restriction: && (>= net461) (>= netstandard2.0)
      System.Diagnostics.DiagnosticSource (>= 4.5) - restriction: && (>= net461) (>= netstandard2.0)
      System.Reflection.Metadata (>= 1.6) - restriction: && (>= net461) (>= netstandard2.0)
    Microsoft.AspNetCore.Hosting.Abstractions (2.1)
      Microsoft.AspNetCore.Hosting.Server.Abstractions (>= 2.1) - restriction: && (>= net461) (>= netstandard2.0)
      Microsoft.AspNetCore.Http.Abstractions (>= 2.1) - restriction: && (>= net461) (>= netstandard2.0)
      Microsoft.Extensions.Hosting.Abstractions (>= 2.1) - restriction: && (>= net461) (>= netstandard2.0)
    Microsoft.AspNetCore.Hosting.Server.Abstractions (2.1) - restriction: && (>= net461) (>= netstandard2.0)
      Microsoft.AspNetCore.Http.Features (>= 2.1) - restriction: && (>= net461) (>= netstandard2.0)
      Microsoft.Extensions.Configuration.Abstractions (>= 2.1) - restriction: && (>= net461) (>= netstandard2.0)
    Microsoft.AspNetCore.Http (2.1) - restriction: && (>= net461) (>= netstandard2.0)
      Microsoft.AspNetCore.Http.Abstractions (>= 2.1) - restriction: && (>= net461) (>= netstandard2.0)
      Microsoft.AspNetCore.WebUtilities (>= 2.1) - restriction: && (>= net461) (>= netstandard2.0)
      Microsoft.Extensions.ObjectPool (>= 2.1) - restriction: && (>= net461) (>= netstandard2.0)
      Microsoft.Extensions.Options (>= 2.1) - restriction: && (>= net461) (>= netstandard2.0)
      Microsoft.Net.Http.Headers (>= 2.1) - restriction: && (>= net461) (>= netstandard2.0)
    Microsoft.AspNetCore.Http.Abstractions (2.1) - restriction: && (>= net461) (>= netstandard2.0)
      Microsoft.AspNetCore.Http.Features (>= 2.1) - restriction: && (>= net461) (>= netstandard2.0)
      System.Text.Encodings.Web (>= 4.5) - restriction: && (>= net461) (>= netstandard2.0)
    Microsoft.AspNetCore.Http.Extensions (2.1)
      Microsoft.AspNetCore.Http.Abstractions (>= 2.1) - restriction: && (>= net461) (>= netstandard2.0)
      Microsoft.Extensions.FileProviders.Abstractions (>= 2.1) - restriction: && (>= net461) (>= netstandard2.0)
      Microsoft.Net.Http.Headers (>= 2.1) - restriction: && (>= net461) (>= netstandard2.0)
      System.Buffers (>= 4.5) - restriction: && (>= net461) (>= netstandard2.0)
    Microsoft.AspNetCore.Http.Features (2.1) - restriction: && (>= net461) (>= netstandard2.0)
      Microsoft.Extensions.Primitives (>= 2.1) - restriction: && (>= net461) (>= netstandard2.0)
    Microsoft.AspNetCore.HttpOverrides (2.1) - restriction: && (>= net461) (>= netstandard2.0)
      Microsoft.AspNetCore.Http.Extensions (>= 2.1) - restriction: && (>= net461) (>= netstandard2.0)
      Microsoft.Extensions.Logging.Abstractions (>= 2.1) - restriction: && (>= net461) (>= netstandard2.0)
      Microsoft.Extensions.Options (>= 2.1) - restriction: && (>= net461) (>= netstandard2.0)
    Microsoft.AspNetCore.ResponseCompression (2.1)
      Microsoft.AspNetCore.Http.Extensions (>= 2.1)
      Microsoft.Extensions.Options (>= 2.1)
    Microsoft.AspNetCore.Rewrite (2.1)
      Microsoft.AspNetCore.Hosting.Abstractions (>= 2.1) - restriction: && (>= net461) (>= netstandard2.0)
      Microsoft.AspNetCore.Http.Extensions (>= 2.1) - restriction: && (>= net461) (>= netstandard2.0)
      Microsoft.Extensions.Configuration.Abstractions (>= 2.1) - restriction: && (>= net461) (>= netstandard2.0)
      Microsoft.Extensions.FileProviders.Abstractions (>= 2.1) - restriction: && (>= net461) (>= netstandard2.0)
      Microsoft.Extensions.Logging.Abstractions (>= 2.1) - restriction: && (>= net461) (>= netstandard2.0)
      Microsoft.Extensions.Options (>= 2.1) - restriction: && (>= net461) (>= netstandard2.0)
    Microsoft.AspNetCore.Routing (2.1) - restriction: && (>= net461) (>= netstandard2.0)
      Microsoft.AspNetCore.Http.Extensions (>= 2.1) - restriction: && (>= net461) (>= netstandard2.0)
      Microsoft.AspNetCore.Routing.Abstractions (>= 2.1) - restriction: && (>= net461) (>= netstandard2.0)
      Microsoft.Extensions.Logging.Abstractions (>= 2.1) - restriction: && (>= net461) (>= netstandard2.0)
      Microsoft.Extensions.ObjectPool (>= 2.1) - restriction: && (>= net461) (>= netstandard2.0)
      Microsoft.Extensions.Options (>= 2.1) - restriction: && (>= net461) (>= netstandard2.0)
    Microsoft.AspNetCore.Routing.Abstractions (2.1) - restriction: && (>= net461) (>= netstandard2.0)
      Microsoft.AspNetCore.Http.Abstractions (>= 2.1) - restriction: && (>= net461) (>= netstandard2.0)
    Microsoft.AspNetCore.Server.IISIntegration (2.1) - restriction: && (>= net461) (>= netstandard2.0)
      Microsoft.AspNetCore.Authentication.Core (>= 2.1) - restriction: && (>= net461) (>= netstandard2.0)
      Microsoft.AspNetCore.Hosting.Abstractions (>= 2.1) - restriction: && (>= net461) (>= netstandard2.0)
      Microsoft.AspNetCore.Http (>= 2.1) - restriction: && (>= net461) (>= netstandard2.0)
      Microsoft.AspNetCore.Http.Extensions (>= 2.1) - restriction: && (>= net461) (>= netstandard2.0)
      Microsoft.AspNetCore.HttpOverrides (>= 2.1) - restriction: && (>= net461) (>= netstandard2.0)
      Microsoft.Extensions.Logging.Abstractions (>= 2.1) - restriction: && (>= net461) (>= netstandard2.0)
      Microsoft.Extensions.Options (>= 2.1) - restriction: && (>= net461) (>= netstandard2.0)
      System.Buffers (>= 4.5) - restriction: && (>= net461) (>= netstandard2.0)
      System.IO.Pipelines (>= 4.5) - restriction: && (>= net461) (>= netstandard2.0)
      System.Memory (>= 4.5) - restriction: && (>= net461) (>= netstandard2.0)
      System.Numerics.Vectors (>= 4.5) - restriction: && (>= net461) (>= netstandard2.0)
      System.Runtime.CompilerServices.Unsafe (>= 4.5) - restriction: && (>= net461) (>= netstandard2.0)
      System.Security.Principal.Windows (>= 4.5) - restriction: && (>= net461) (>= netstandard2.0)
    Microsoft.AspNetCore.Server.Kestrel (2.1) - restriction: && (>= net461) (>= netstandard2.0)
      Microsoft.AspNetCore.Hosting (>= 2.1) - restriction: && (>= net461) (>= netstandard2.0)
      Microsoft.AspNetCore.Server.Kestrel.Core (>= 2.1) - restriction: && (>= net461) (>= netstandard2.0)
      Microsoft.AspNetCore.Server.Kestrel.Https (>= 2.1) - restriction: && (>= net461) (>= netstandard2.0)
      Microsoft.AspNetCore.Server.Kestrel.Transport.Sockets (>= 2.1) - restriction: && (>= net461) (>= netstandard2.0)
    Microsoft.AspNetCore.Server.Kestrel.Core (2.1) - restriction: && (>= net461) (>= netstandard2.0)
      Microsoft.AspNetCore.Hosting.Abstractions (>= 2.1) - restriction: && (>= net461) (>= netstandard2.0)
      Microsoft.AspNetCore.Server.Kestrel.Transport.Abstractions (>= 2.1) - restriction: && (>= net461) (>= netstandard2.0)
      Microsoft.AspNetCore.WebUtilities (>= 2.1) - restriction: && (>= net461) (>= netstandard2.0)
      Microsoft.Extensions.Configuration.Binder (>= 2.1) - restriction: && (>= net461) (>= netstandard2.0)
      Microsoft.Extensions.Logging.Abstractions (>= 2.1) - restriction: && (>= net461) (>= netstandard2.0)
      Microsoft.Extensions.Options (>= 2.1) - restriction: && (>= net461) (>= netstandard2.0)
      Microsoft.Net.Http.Headers (>= 2.1) - restriction: && (>= net461) (>= netstandard2.0)
      System.Memory (>= 4.5) - restriction: && (>= net461) (>= netstandard2.0)
      System.Numerics.Vectors (>= 4.5) - restriction: && (>= net461) (>= netstandard2.0)
      System.Runtime.CompilerServices.Unsafe (>= 4.5) - restriction: && (>= net461) (>= netstandard2.0)
      System.Security.Cryptography.Cng (>= 4.5) - restriction: && (>= net461) (>= netstandard2.0)
      System.Threading.Tasks.Extensions (>= 4.5) - restriction: && (>= net461) (>= netstandard2.0)
    Microsoft.AspNetCore.Server.Kestrel.Https (2.1) - restriction: && (>= net461) (>= netstandard2.0)
      Microsoft.AspNetCore.Http.Abstractions (>= 2.1) - restriction: && (>= net461) (>= netstandard2.0)
      Microsoft.AspNetCore.Server.Kestrel.Core (>= 2.1) - restriction: && (>= net461) (>= netstandard2.0)
    Microsoft.AspNetCore.Server.Kestrel.Transport.Abstractions (2.1) - restriction: && (>= net461) (>= netstandard2.0)
      Microsoft.AspNetCore.Connections.Abstractions (>= 2.1) - restriction: && (>= net461) (>= netstandard2.0)
    Microsoft.AspNetCore.Server.Kestrel.Transport.Sockets (2.1) - restriction: && (>= net461) (>= netstandard2.0)
      Microsoft.AspNetCore.Hosting.Abstractions (>= 2.1) - restriction: && (>= net461) (>= netstandard2.0)
      Microsoft.AspNetCore.Server.Kestrel.Transport.Abstractions (>= 2.1) - restriction: && (>= net461) (>= netstandard2.0)
      Microsoft.Extensions.Options (>= 2.1) - restriction: && (>= net461) (>= netstandard2.0)
    Microsoft.AspNetCore.Session (2.1)
      Microsoft.AspNetCore.DataProtection (>= 2.1) - restriction: && (>= net461) (>= netstandard2.0)
      Microsoft.AspNetCore.Http.Abstractions (>= 2.1) - restriction: && (>= net461) (>= netstandard2.0)
      Microsoft.Extensions.Caching.Abstractions (>= 2.1) - restriction: && (>= net461) (>= netstandard2.0)
      Microsoft.Extensions.Logging.Abstractions (>= 2.1) - restriction: && (>= net461) (>= netstandard2.0)
      Microsoft.Extensions.Options (>= 2.1) - restriction: && (>= net461) (>= netstandard2.0)
    Microsoft.AspNetCore.StaticFiles (2.1)
      Microsoft.AspNetCore.Hosting.Abstractions (>= 2.1) - restriction: && (>= net461) (>= netstandard2.0)
      Microsoft.AspNetCore.Http.Extensions (>= 2.1) - restriction: && (>= net461) (>= netstandard2.0)
      Microsoft.Extensions.FileProviders.Abstractions (>= 2.1) - restriction: && (>= net461) (>= netstandard2.0)
      Microsoft.Extensions.Logging.Abstractions (>= 2.1) - restriction: && (>= net461) (>= netstandard2.0)
      Microsoft.Extensions.WebEncoders (>= 2.1) - restriction: && (>= net461) (>= netstandard2.0)
    Microsoft.AspNetCore.WebUtilities (2.1) - restriction: && (>= net461) (>= netstandard2.0)
      Microsoft.Net.Http.Headers (>= 2.1) - restriction: && (>= net461) (>= netstandard2.0)
      System.Text.Encodings.Web (>= 4.5) - restriction: && (>= net461) (>= netstandard2.0)
    Microsoft.Extensions.Caching.Abstractions (2.1) - restriction: && (>= net461) (>= netstandard2.0)
      Microsoft.Extensions.Primitives (>= 2.1) - restriction: && (>= net461) (>= netstandard2.0)
    Microsoft.Extensions.Caching.Memory (2.1)
      Microsoft.Extensions.Caching.Abstractions (>= 2.1) - restriction: && (>= net461) (>= netstandard2.0)
      Microsoft.Extensions.DependencyInjection.Abstractions (>= 2.1) - restriction: && (>= net461) (>= netstandard2.0)
      Microsoft.Extensions.Options (>= 2.1) - restriction: && (>= net461) (>= netstandard2.0)
    Microsoft.Extensions.Configuration (2.1) - restriction: && (>= net461) (>= netstandard2.0)
      Microsoft.Extensions.Configuration.Abstractions (>= 2.1) - restriction: && (>= net461) (>= netstandard2.0)
    Microsoft.Extensions.Configuration.Abstractions (2.1) - restriction: && (>= net461) (>= netstandard2.0)
      Microsoft.Extensions.Primitives (>= 2.1) - restriction: && (>= net461) (>= netstandard2.0)
    Microsoft.Extensions.Configuration.Binder (2.1) - restriction: && (>= net461) (>= netstandard2.0)
      Microsoft.Extensions.Configuration (>= 2.1) - restriction: && (>= net461) (>= netstandard2.0)
    Microsoft.Extensions.Configuration.CommandLine (2.1) - restriction: && (>= net461) (>= netstandard2.0)
      Microsoft.Extensions.Configuration (>= 2.1) - restriction: && (>= net461) (>= netstandard2.0)
    Microsoft.Extensions.Configuration.EnvironmentVariables (2.1) - restriction: && (>= net461) (>= netstandard2.0)
      Microsoft.Extensions.Configuration (>= 2.1) - restriction: && (>= net461) (>= netstandard2.0)
    Microsoft.Extensions.Configuration.FileExtensions (2.1) - restriction: && (>= net461) (>= netstandard2.0)
      Microsoft.Extensions.Configuration (>= 2.1) - restriction: && (>= net461) (>= netstandard2.0)
      Microsoft.Extensions.FileProviders.Physical (>= 2.1) - restriction: && (>= net461) (>= netstandard2.0)
    Microsoft.Extensions.Configuration.Json (2.1) - restriction: && (>= net461) (>= netstandard2.0)
      Microsoft.Extensions.Configuration (>= 2.1) - restriction: && (>= net461) (>= netstandard2.0)
      Microsoft.Extensions.Configuration.FileExtensions (>= 2.1) - restriction: && (>= net461) (>= netstandard2.0)
      Newtonsoft.Json (>= 11.0.2) - restriction: && (>= net461) (>= netstandard2.0)
    Microsoft.Extensions.Configuration.UserSecrets (2.1) - restriction: && (>= net461) (>= netstandard2.0)
      Microsoft.Extensions.Configuration.Json (>= 2.1) - restriction: && (>= net461) (>= netstandard2.0)
    Microsoft.Extensions.DependencyInjection (2.1) - restriction: && (>= net461) (>= netstandard2.0)
      Microsoft.Extensions.DependencyInjection.Abstractions (>= 2.1)
    Microsoft.Extensions.DependencyInjection.Abstractions (2.1) - restriction: && (>= net461) (>= netstandard2.0)
    Microsoft.Extensions.FileProviders.Abstractions (2.1) - restriction: && (>= net461) (>= netstandard2.0)
      Microsoft.Extensions.Primitives (>= 2.1) - restriction: && (>= net461) (>= netstandard2.0)
    Microsoft.Extensions.FileProviders.Physical (2.1) - restriction: && (>= net461) (>= netstandard2.0)
      Microsoft.Extensions.FileProviders.Abstractions (>= 2.1) - restriction: && (>= net461) (>= netstandard2.0)
      Microsoft.Extensions.FileSystemGlobbing (>= 2.1) - restriction: && (>= net461) (>= netstandard2.0)
    Microsoft.Extensions.FileSystemGlobbing (2.1) - restriction: && (>= net461) (>= netstandard2.0)
    Microsoft.Extensions.Hosting.Abstractions (2.1) - restriction: && (>= net461) (>= netstandard2.0)
      Microsoft.Extensions.Configuration.Abstractions (>= 2.1) - restriction: && (>= net461) (>= netstandard2.0)
      Microsoft.Extensions.DependencyInjection.Abstractions (>= 2.1) - restriction: && (>= net461) (>= netstandard2.0)
      Microsoft.Extensions.FileProviders.Abstractions (>= 2.1) - restriction: && (>= net461) (>= netstandard2.0)
      Microsoft.Extensions.Logging.Abstractions (>= 2.1) - restriction: && (>= net461) (>= netstandard2.0)
    Microsoft.Extensions.Logging (2.1) - restriction: && (>= net461) (>= netstandard2.0)
      Microsoft.Extensions.Configuration.Binder (>= 2.1) - restriction: && (>= net461) (>= netstandard2.0)
      Microsoft.Extensions.DependencyInjection.Abstractions (>= 2.1) - restriction: && (>= net461) (>= netstandard2.0)
      Microsoft.Extensions.Logging.Abstractions (>= 2.1) - restriction: && (>= net461) (>= netstandard2.0)
      Microsoft.Extensions.Options (>= 2.1) - restriction: && (>= net461) (>= netstandard2.0)
    Microsoft.Extensions.Logging.Abstractions (2.1) - restriction: && (>= net461) (>= netstandard2.0)
    Microsoft.Extensions.Logging.Configuration (2.1) - restriction: && (>= net461) (>= netstandard2.0)
      Microsoft.Extensions.Logging (>= 2.1) - restriction: && (>= net461) (>= netstandard2.0)
      Microsoft.Extensions.Options.ConfigurationExtensions (>= 2.1) - restriction: && (>= net461) (>= netstandard2.0)
    Microsoft.Extensions.Logging.Console (2.1) - restriction: && (>= net461) (>= netstandard2.0)
      Microsoft.Extensions.Configuration.Abstractions (>= 2.1) - restriction: && (>= net461) (>= netstandard2.0)
      Microsoft.Extensions.Logging (>= 2.1) - restriction: && (>= net461) (>= netstandard2.0)
      Microsoft.Extensions.Logging.Configuration (>= 2.1) - restriction: && (>= net461) (>= netstandard2.0)
    Microsoft.Extensions.Logging.Debug (2.1) - restriction: && (>= net461) (>= netstandard2.0)
      Microsoft.Extensions.Logging (>= 2.1) - restriction: && (>= net461) (>= netstandard2.0)
    Microsoft.Extensions.ObjectPool (2.1) - restriction: && (>= net461) (>= netstandard2.0)
    Microsoft.Extensions.Options (2.1)
      Microsoft.Extensions.DependencyInjection.Abstractions (>= 2.1) - restriction: && (>= net461) (>= netstandard2.0)
      Microsoft.Extensions.Primitives (>= 2.1) - restriction: && (>= net461) (>= netstandard2.0)
    Microsoft.Extensions.Options.ConfigurationExtensions (2.1) - restriction: && (>= net461) (>= netstandard2.0)
      Microsoft.Extensions.Configuration.Abstractions (>= 2.1) - restriction: && (>= net461) (>= netstandard2.0)
      Microsoft.Extensions.Configuration.Binder (>= 2.1) - restriction: && (>= net461) (>= netstandard2.0)
      Microsoft.Extensions.DependencyInjection.Abstractions (>= 2.1) - restriction: && (>= net461) (>= netstandard2.0)
      Microsoft.Extensions.Options (>= 2.1) - restriction: && (>= net461) (>= netstandard2.0)
    Microsoft.Extensions.Primitives (2.1) - restriction: && (>= net461) (>= netstandard2.0)
      System.Memory (>= 4.5) - restriction: && (>= net461) (>= netstandard2.0)
      System.Runtime.CompilerServices.Unsafe (>= 4.5) - restriction: && (>= net461) (>= netstandard2.0)
    Microsoft.Extensions.WebEncoders (2.1) - restriction: && (>= net461) (>= netstandard2.0)
      Microsoft.Extensions.DependencyInjection.Abstractions (>= 2.1) - restriction: && (>= net461) (>= netstandard2.0)
      Microsoft.Extensions.Options (>= 2.1) - restriction: && (>= net461) (>= netstandard2.0)
      System.Text.Encodings.Web (>= 4.5) - restriction: && (>= net461) (>= netstandard2.0)
    Microsoft.IdentityModel.Logging (5.2.2) - restriction: && (>= net461) (>= netstandard2.0)
    Microsoft.IdentityModel.Protocols (5.2.2) - restriction: && (>= net461) (>= netstandard2.0)
      Microsoft.IdentityModel.Logging (>= 5.2.2)
      Microsoft.IdentityModel.Tokens (>= 5.2.2)
    Microsoft.IdentityModel.Protocols.OpenIdConnect (5.2.2) - restriction: && (>= net461) (>= netstandard2.0)
      Microsoft.IdentityModel.Protocols (>= 5.2.2)
      Newtonsoft.Json (>= 10.0.1)
      System.IdentityModel.Tokens.Jwt (>= 5.2.2)
    Microsoft.IdentityModel.Tokens (5.2.2) - restriction: && (>= net461) (>= netstandard2.0)
      Microsoft.IdentityModel.Logging (>= 5.2.2)
      Newtonsoft.Json (>= 10.0.1)
    Microsoft.Net.Http.Headers (2.1) - restriction: && (>= net461) (>= netstandard2.0)
      Microsoft.Extensions.Primitives (>= 2.1) - restriction: && (>= net461) (>= netstandard2.0)
      System.Buffers (>= 4.5) - restriction: && (>= net461) (>= netstandard2.0)
    Microsoft.Win32.Registry (4.5) - restriction: && (>= net461) (>= netstandard2.0)
      System.Security.AccessControl (>= 4.5)
      System.Security.Principal.Windows (>= 4.5)
    Newtonsoft.Json (11.0.2)
    Saturn (0.5)
      FSharp.Core (>= 4.3.4)
      Giraffe (>= 1.1)
      Microsoft.AspNetCore (>= 2.0.1)
      Microsoft.AspNetCore.Authentication.Cookies (>= 2.0.1)
      Microsoft.AspNetCore.Authentication.JwtBearer (>= 2.0.1)
      Microsoft.AspNetCore.Authentication.OAuth (>= 2.0.1)
      Microsoft.AspNetCore.Authorization (>= 2.0.1)
      Microsoft.AspNetCore.Cors (>= 2.0.1)
      Microsoft.AspNetCore.ResponseCompression (>= 2.0.1)
      Microsoft.AspNetCore.Rewrite (>= 2.0.1)
      Microsoft.AspNetCore.Session (>= 2.0.1)
      Microsoft.AspNetCore.StaticFiles (>= 2.0.1)
      Microsoft.Extensions.Caching.Memory (>= 2.0)
    System.Buffers (4.5) - restriction: && (>= net461) (>= netstandard2.0)
    System.Collections.Immutable (1.5)
    System.Diagnostics.DiagnosticSource (4.5) - restriction: && (>= net461) (>= netstandard2.0)
    System.IdentityModel.Tokens.Jwt (5.2.2) - restriction: && (>= net461) (>= netstandard2.0)
      Microsoft.IdentityModel.Tokens (>= 5.2.2)
      Newtonsoft.Json (>= 10.0.1)
    System.IO.Pipelines (4.5) - restriction: && (>= net461) (>= netstandard2.0)
      System.Buffers (>= 4.4)
      System.Memory (>= 4.5)
      System.Threading.Tasks.Extensions (>= 4.5)
    System.Memory (4.5) - restriction: && (>= net461) (>= netstandard2.0)
      System.Buffers (>= 4.4)
      System.Numerics.Vectors (>= 4.4)
      System.Runtime.CompilerServices.Unsafe (>= 4.5)
    System.Numerics.Vectors (4.5) - restriction: && (>= net461) (>= netstandard2.0)
    System.Reflection.Metadata (1.6)
      System.Collections.Immutable (>= 1.5)
    System.Runtime.CompilerServices.Unsafe (4.5) - restriction: && (>= net461) (>= netstandard2.0)
    System.Security.AccessControl (4.5) - restriction: || (&& (>= net461) (>= netcoreapp2.0)) (&& (>= net461) (>= netcoreapp2.1)) (&& (>= net461) (>= netstandard2.0))
      System.Security.Principal.Windows (>= 4.5)
    System.Security.Cryptography.Cng (4.5) - restriction: && (>= net461) (>= netstandard2.0)
    System.Security.Cryptography.Xml (4.5) - restriction: && (>= net461) (>= netstandard2.0)
      System.Security.Permissions (>= 4.5)
    System.Security.Permissions (4.5) - restriction: && (>= net461) (>= netstandard2.0)
      System.Security.AccessControl (>= 4.5)
    System.Security.Principal.Windows (4.5) - restriction: && (>= net461) (>= netstandard2.0)
    System.Text.Encodings.Web (4.5) - restriction: && (>= net461) (>= netstandard2.0)
    System.Text.RegularExpressions (4.3)
    System.Threading.Tasks.Extensions (4.5) - restriction: || (&& (>= net461) (>= netcoreapp2.0)) (&& (>= net461) (>= netstandard2.0))
      System.Runtime.CompilerServices.Unsafe (>= 4.5)
    System.ValueTuple (4.5)
    System.Xml.XmlSerializer (4.3)
    TaskBuilder.fs (2.0)
      FSharp.Core (>= 4.1.17)
      System.ValueTuple (>= 4.3.1)

GROUP Build
NUGET
  remote: https://www.nuget.org/api/v2
    FAKE (5.0)
